GEM
  remote: https://rubygems.org/ 
  specs:
    minitest (5.8.1)

DEPENDENCIES
  coffee-rails (~> 4.0.0)
  coffee-script-source (= 1.8.0)
  jbuilder (~> 2.0)
  jquery-rails
  pg
  rails (= 4.1.8)
  rubocop
  sass-rails (~> 4.0.3)
  sdoc (~> 0.4.0)
  turbolinks
  tzinfo-data
  uglifier (>= 1.3.0)

BUNDLED WITH
   1.10.6
